GEM
  remote: https://rubygems.org/
  specs:
    childprocess (0.5.9)
      ffi (~> 1.0, >= 1.0.11)
    coderay (1.1.0)
    colorize (0.8.1)
    crack (0.4.3)
      safe_yaml (~> 1.0.0)
    diff-lcs (1.2.5)
    faraday (0.10.1)
      multipart-post (>= 1.2, < 3)
    ffi (1.9.14)
    git (1.3.0)
    jasmine (2.5.1)
      jasmine-core (>= 2.5.1, < 3.0.0)
      phantomjs
      rack (>= 1.2.1)
      rake
    jasmine-core (2.5.2)
    learn-co (2.5.3)
      learn-config (>= 1.0.74)
      learn-doctor (>= 1.0.3)
      learn-generate (>= 1.0.14)
      learn-open (>= 1.1.52)
      learn-status (>= 1.0.1)
      learn-submit (>= 1.0.13)
      learn-test (>= 1.2.23)
      thor
    learn-config (1.0.77)
      learn-web (>= 1.5.0)
      netrc
    learn-doctor (1.0.3)
      colorize
      faraday (~> 0.9)
      learn-web (>= 1.1.0)
      netrc
    learn-generate (1.0.16)
    learn-open (1.2.3)
      git
      learn-web (>= 1.5.0)
      netrc
    learn-status (1.0.1)
      colorize
      learn-web (>= 1.2.0)
      netrc
    learn-submit (1.3.0)
      git (~> 1.2)
      learn-web (>= 1.5.0)
      netrc
    learn-test (2.4.0)
      colorize
      crack
      faraday (~> 0.9)
      git (~> 1.2)
      jasmine
      netrc
      oj (~> 2.9)
      rainbow (= 1.99.2)
      rspec (~> 3.0)
      selenium-webdriver (~> 2.52.0)
      webrick (~> 1.3.1)
    learn-web (1.5.0)
      faraday (~> 0.9)
      oj (~> 2.9)
    method_source (0.8.2)
    multi_json (1.12.1)
    multipart-post (2.0.0)
    netrc (0.11.0)
    oj (2.18.0)
    phantomjs (2.1.1.0)
    pry (0.10.0)
      coderay (~> 1.1.0)
      method_source (~> 0.8.1)
      slop (~> 3.4)
    rack (2.0.1)
    rainbow (1.99.2)
    rake (12.0.0)
    rspec (3.0.0)
      rspec-core (~> 3.0.0)
      rspec-expectations (~> 3.0.0)
      rspec-mocks (~> 3.0.0)
    rspec-core (3.0.3)
      rspec-support (~> 3.0.0)
    rspec-expectations (3.0.3)
      diff-lcs (>= 1.2.0, < 2.0)
      rspec-support (~> 3.0.0)
    rspec-mocks (3.0.0)
      rspec-support (~> 3.0.0)
    rspec-support (3.0.3)
    rubyzip (1.2.0)
    safe_yaml (1.0.4)
    selenium-webdriver (2.52.0)
      childprocess (~> 0.5)
      multi_json (~> 1.0)
      rubyzip (~> 1.0)
      websocket (~> 1.0)
    slop (3.6.0)
    thor (0.19.4)
    webrick (1.3.1)
    websocket (1.2.3)

PLATFORMS
  ruby

DEPENDENCIES
  learn-co (~> 2.3, >= 2.3.1)
  pry
  rspec

BUNDLED WITH
   1.13.6
